GEM
  remote: https://rubygems.org/
  specs:
    awesome_print (1.7.0)
    byebug (9.0.6)
    engtagger (0.2.1)

PLATFORMS
  ruby

DEPENDENCIES
  awesome_print (~> 1.7.0)
  byebug (~> 9.0.6)
  engtagger (~> 0.2.1)

RUBY VERSION
   ruby 2.3.4p301

BUNDLED WITH
   1.14.6
