GIT
  remote: git@github.com:jasonhutchens/rbnacl.git
  revision: c3c075249d4bdee7d60d5e46313f5fa3c386e7a8
  specs:
    rbnacl (4.0.2)
      ffi

GEM
  remote: https://rubygems.org/
  specs:
    awesome_print (1.7.0)
    byebug (9.0.6)
    engtagger (0.2.1)
    ffi (1.9.18)
    rbnacl-libsodium (1.0.11)
      rbnacl (>= 3.0.1)

PLATFORMS
  ruby

DEPENDENCIES
  awesome_print (~> 1.7.0)
  byebug (~> 9.0.6)
  engtagger (~> 0.2.1)
  rbnacl!
  rbnacl-libsodium (~> 1.0.11)

RUBY VERSION
   ruby 2.3.4p301

BUNDLED WITH
   1.14.6
